GEM
  remote: http://rubygems.org/
  specs:
    activesupport (3.2.22)
      i18n (~> 0.6, >= 0.6.4)
      multi_json (~> 1.0)
    diff-lcs (1.2.5)
    i18n (0.7.0)
    multi_json (1.11.2)
    rspec (2.99.0)
      rspec-core (~> 2.99.0)
      rspec-expectations (~> 2.99.0)
      rspec-mocks (~> 2.99.0)
    rspec-core (2.99.2)
    rspec-expectations (2.99.2)
      diff-lcs (>= 1.1.3, < 2.0)
    rspec-mocks (2.99.4)
    thor (0.19.1)

PLATFORMS
  ruby

DEPENDENCIES
  activesupport (~> 3.2)
  rspec (~> 2.0)
  thor (~> 0.15)
